GEM
  remote: https://rubygems.org/
  specs:
    mustermann (1.1.2)
      ruby2_keywords (~> 0.0.1)
    nio4r (2.5.8)
    puma (4.3.12)
      nio4r (~> 2.0)
    rack (2.1.4)
    rack-protection (2.0.8.1)
      rack
    rack-unreloader (1.7.0)
    ruby2_keywords (0.0.5)
    sinatra (2.0.8.1)
      mustermann (~> 1.0)
      rack (~> 2.0)
      rack-protection (= 2.0.8.1)
      tilt (~> 2.0)
    tilt (2.0.10)

PLATFORMS
  ruby

DEPENDENCIES
  puma
  rack
  rack-unreloader
  sinatra

BUNDLED WITH
   2.3.17
